GEM
  remote: https://rubygems.org/
  specs:
    connection_pool (2.4.1)
    redis-client (0.17.0)
      connection_pool
    redis-cluster-client (0.7.5)
      redis-client (~> 0.12)

PLATFORMS
  arm64-darwin-22

DEPENDENCIES
  redis-client
  redis-cluster-client

BUNDLED WITH
   2.4.8
